GEM
  remote: https://rubygems.org/
  specs:
    coffee-script (2.4.1)
      coffee-script-source
      execjs
    coffee-script-source (1.12.2)
    concurrent-ruby (1.0.5)
    execjs (2.7.0)
    headless (2.3.1)
    jasmine (2.8.0)
      jasmine-core (>= 2.8.0, < 3.0.0)
      phantomjs
      rack (>= 1.2.1)
      rake
    jasmine-core (2.8.0)
    jasmine-coverage (0.2.8)
      coffee-script-source
      headless
      jasmine-headless-webkit-firstbanco (= 0.9.0.rc.3)
    jasmine-headless-webkit-firstbanco (0.9.0.rc.3)
      coffee-script
      jasmine-core
      multi_json (>= 1.2.0)
      rainbow
      sprockets
      sprockets-vendor_gems
    multi_json (1.12.2)
    phantomjs (2.1.1.0)
    rack (2.0.3)
    rainbow (3.0.0)
    rake (12.3.0)
    sprockets (3.7.1)
      concurrent-ruby (~> 1.0)
      rack (> 1, < 3)
    sprockets-vendor_gems (0.1.3)
      sprockets

PLATFORMS
  ruby

DEPENDENCIES
  jasmine
  jasmine-coverage

BUNDLED WITH
   1.15.3
